GEM
  remote: https://rubygems.org/
  specs:
    addressable (2.4.0)
    coderay (1.1.0)
    heel (3.1.3)
      coderay (~> 1.1)
      launchy (~> 2.3)
      mime-types (~> 1.25)
      puma (~> 2.0)
    launchy (2.4.3)
      addressable (~> 2.3)
    mime-types (1.25.1)
    puma (2.16.0)
    rack (1.6.4)

PLATFORMS
  ruby

DEPENDENCIES
  heel (~> 3.1.3)
  rack (~> 1.6.4)

BUNDLED WITH
   1.10.6
